GEM
  remote: https://rubygems.org/
  specs:
    addressable (2.3.8)
    archive-zip (0.7.0)
      io-like (~> 0.3.0)
    daemons (1.2.3)
    eventmachine (1.0.7)
    gqtp (1.0.6)
    grn_mini (0.6.0)
      rroonga
    groonga-client (0.1.7)
      gqtp (>= 1.0.4)
      groonga-command (>= 1.0.8)
    groonga-command (1.1.2)
      json
    haml (4.0.6)
      tilt
    honyomi (1.3.0)
      grn_mini (~> 0.5)
      haml
      launchy
      rack
      sinatra
      thin (< 1.7)
      thor
      whichr (~> 0.3)
    io-like (0.3.0)
    json (1.8.3)
    launchy (2.4.3)
      addressable (~> 2.3)
    os (0.9.6)
    pkg-config (1.1.6)
    rack (1.6.4)
    rack-protection (1.5.3)
      rack
    rroonga (5.0.4)
      archive-zip
      groonga-client (>= 0.0.3)
      json
      pkg-config
    sane (0.25.8)
      os (~> 0)
    sinatra (1.4.6)
      rack (~> 1.4)
      rack-protection (~> 1.4)
      tilt (>= 1.3, < 3)
    thin (1.6.3)
      daemons (~> 1.0, >= 1.0.9)
      eventmachine (~> 1.0)
      rack (~> 1.0)
    thor (0.19.1)
    tilt (2.0.1)
    whichr (0.3.6)
      sane

PLATFORMS
  ruby

DEPENDENCIES
  honyomi

BUNDLED WITH
   1.10.5
